GEM
  remote: https://rubygems.org/
  specs:
    koine-test_runner (0.2.1)

PLATFORMS
  ruby

DEPENDENCIES
  koine-test_runner

BUNDLED WITH
   2.0.2
